PATH
  remote: .
  specs:
    guillotine (1.4.0)
      addressable (~> 2.2.6)
      sinatra (~> 1.2.6)

GEM
  remote: http://rubygems.org/
  specs:
    addressable (2.2.8)
    backports (3.6.0)
    fdb (2.0.0)
      ffi (>= 1.1.5)
    ffi (1.9.3)
    rack (1.4.5)
    rack-test (0.6.2)
      rack (>= 1.0)
    rake (10.3.2)
    sinatra (1.2.9)
      backports
      rack (~> 1.1, < 1.5)
      tilt (>= 1.2.2, < 2.0)
    tilt (1.4.1)

PLATFORMS
  ruby

DEPENDENCIES
  fdb
  guillotine!
  rack-test
  rake
